PATH
  remote: .
  specs:
    rhombus_marketing (0.0.1)

GEM
  remote: https://rubygems.org/
  specs:

PLATFORMS
  ruby

DEPENDENCIES
  rhombus_marketing!
